PATH
  remote: .
  specs:
    git_commit_size_scraper (1.0.2)
      statistical_array (~> 1.0)

GEM
  remote: https://rubygems.org/
  specs:
    rake (10.3.1)
    statistical_array (1.0.0)

PLATFORMS
  ruby

DEPENDENCIES
  bundler (~> 1.3)
  git_commit_size_scraper!
  rake
